GEM
  remote: https://rubygems.org/
  specs:
    compass_rose (0.1.3)
    faraday (0.9.1)
      multipart-post (>= 1.2, < 3)
    forecast_io (2.0.0)
      faraday
      hashie
      multi_json
    geocoder (1.2.8)
    hashie (3.4.0)
    http_router (0.11.1)
      rack (>= 1.0.0)
      url_mount (~> 0.2.1)
    i18n (0.7.0)
    ice_nine (0.11.1)
    lita (4.3.1)
      bundler (>= 1.3)
      faraday (>= 0.8.7)
      http_router (>= 0.11.1)
      i18n (>= 0.6.9)
      ice_nine (>= 0.11.0)
      multi_json (>= 1.7.7)
      puma (>= 2.7.1)
      rack (>= 1.5.2)
      rb-readline (>= 0.5.1)
      redis-namespace (>= 1.3.0)
      thor (>= 0.18.1)
    lita-down-for-everyone (0.0.3)
      lita
    lita-excuses (0.0.6)
      lita (>= 2.2)
      nokogiri
    lita-forecast (0.1.7)
      compass_rose (~> 0.1.0)
      forecast_io (~> 2.0.0)
      geocoder (~> 1.1, >= 1.1.9)
      hashie (~> 3.0)
      lita (>= 3.0.0)
    lita-google (1.0.0)
      lita (>= 4.0)
    lita-google-images (2.0.0)
      lita (>= 4.0)
    lita-high-five (0.0.1)
      lita (>= 3.0)
    lita-hipchat (2.1.1)
      lita (>= 4.0)
      xmpp4r (>= 0.5.6)
    lita-howdoi (0.0.3)
      lita (>= 4.2)
      nokogiri
    lita-retro (1.0.0)
      lita (>= 4.0)
    lita-wikipedia (0.0.3)
      lita (>= 3.1)
    lita-xkcd (0.0.5)
      lita (>= 2.2)
    mini_portile (0.6.2)
    multi_json (1.11.0)
    multipart-post (2.0.0)
    nokogiri (1.6.6.2)
      mini_portile (~> 0.6.0)
    puma (2.11.1)
      rack (>= 1.1, < 2.0)
    rack (1.6.0)
    rb-readline (0.5.2)
    redis (3.2.1)
    redis-namespace (1.5.1)
      redis (~> 3.0, >= 3.0.4)
    thor (0.19.1)
    url_mount (0.2.1)
      rack
    xmpp4r (0.5.6)

PLATFORMS
  ruby

DEPENDENCIES
  lita
  lita-down-for-everyone
  lita-excuses
  lita-forecast
  lita-google
  lita-google-images
  lita-high-five
  lita-hipchat
  lita-howdoi
  lita-retro
  lita-wikipedia
  lita-xkcd
